GEM
  remote: https://rubygems.org/
  specs:
    ProcessPilot (2.0.0.20120301)
      rUtilAnts (>= 1.0)
    albacore (2.0.0.rc.13)
      ProcessPilot (~> 2.0)
      facter (~> 1.7)
      highline (~> 1.6)
      map (~> 6.5)
      nokogiri (~> 1.5)
      rake (> 10)
      semver2 (~> 3.3)
    facter (1.7.5)
    highline (1.6.21)
    map (6.5.3)
    mini_portile2 (2.8.2)
    nokogiri (1.15.2)
      mini_portile2 (~> 2.8.2)
      racc (~> 1.4)
    nokogiri (1.15.2-x86-mingw32)
      racc (~> 1.4)
    rUtilAnts (2.0.0.20130827)
    racc (1.6.2)
    rake (10.3.1)
    semver2 (3.3.3)

PLATFORMS
  ruby
  x86-mingw32

DEPENDENCIES
  albacore (~> 2.0.0.rc.13)
