GEM
  remote: https://rubygems.org/
  specs:
    ProcessPilot (2.0.0.20120301)
      rUtilAnts (>= 1.0)
    albacore (2.0.0.rc.13)
      ProcessPilot (~> 2.0)
      facter (~> 1.7)
      highline (~> 1.6)
      map (~> 6.5)
      nokogiri (~> 1.5)
      rake (> 10)
      semver2 (~> 3.3)
    facter (1.7.5)
    highline (1.6.21)
    map (6.5.3)
    mini_portile (0.5.3)
    nokogiri (1.6.1)
      mini_portile (~> 0.5.0)
    nokogiri (1.6.1-x86-mingw32)
      mini_portile (~> 0.5.0)
    rUtilAnts (2.0.0.20130827)
    rake (13.0.3)
    semver2 (3.3.3)

PLATFORMS
  ruby
  x86-mingw32

DEPENDENCIES
  albacore (~> 2.0.0.rc.13)
